PATH
  remote: .
  specs:
    gemspec1 (0.0.0)
      concurrent-ruby (= 1.0.5)

GEM
  remote: https://rubygems.org/
  specs:
    concurrent-ruby (1.0.5)

PLATFORMS
  ruby

DEPENDENCIES
  gemspec1!

BUNDLED WITH
   1.15.4
